PATH
  remote: ../../rubyhabit
  specs:
    rubyhabit (0.1.0)
      rack

GEM
  remote: http://rubygems.org/
  specs:
    rack (1.6.4)

PLATFORMS
  ruby

DEPENDENCIES
  rubyhabit!

BUNDLED WITH
   1.10.6
